GEM
  remote: https://rubygems.org/
  specs:
    activesupport (4.2.0)
      i18n (~> 0.7)
      json (~> 1.7, >= 1.7.7)
      minitest (~> 5.1)
      thread_safe (~> 0.3, >= 0.3.4)
      tzinfo (~> 1.1)
    ast (2.0.0)
    astrolabe (1.3.0)
      parser (>= 2.2.0.pre.3, < 3.0)
    awesome_print (1.6.1)
    blankslate (3.1.3)
    capybara (2.4.4)
      mime-types (>= 1.16)
      nokogiri (>= 1.3.3)
      rack (>= 1.0.0)
      rack-test (>= 0.5.4)
      xpath (~> 2.0)
    codeclimate-test-reporter (0.4.6)
      simplecov (>= 0.7.1, < 1.0.0)
    coderay (1.1.0)
    diff-lcs (1.2.5)
    docile (1.1.5)
    dotenv (1.0.2)
    factory_girl (4.5.0)
      activesupport (>= 3.0.0)
    http_router (0.11.1)
      rack (>= 1.0.0)
      url_mount (~> 0.2.1)
    i18n (0.7.0)
    json (1.8.2)
    lotus-controller (0.3.2)
      lotus-utils (~> 0.3, >= 0.3.4)
      lotus-validations (~> 0.2, >= 0.2.4)
      rack (~> 1.5)
    lotus-model (0.2.2)
      lotus-utils (~> 0.3, >= 0.3.2)
      sequel (~> 4.9)
    lotus-router (0.2.1)
      http_router (~> 0.11)
      lotus-utils (~> 0.3, >= 0.3.2)
    lotus-utils (0.3.4)
    lotus-validations (0.2.4)
      lotus-utils (~> 0.3, >= 0.3.4)
    lotus-view (0.3.0)
      lotus-utils (~> 0.3, >= 0.3.2)
      tilt (~> 2.0, >= 2.0.1)
    lotusrb (0.2.1)
      dotenv (~> 1.0)
      lotus-controller (~> 0.3, >= 0.3.2)
      lotus-router (~> 0.2, >= 0.2.1)
      lotus-utils (~> 0.3, >= 0.3.4)
      lotus-view (~> 0.3)
      shotgun (~> 0.9)
      thor (~> 0.19)
    method_source (0.8.2)
    mime-types (2.4.3)
    mini_portile (0.6.2)
    minitest (5.5.1)
    multi_json (1.10.1)
    nokogiri (1.6.6.2)
      mini_portile (~> 0.6.0)
    parser (2.2.0.2)
      ast (>= 1.1, < 3.0)
    parslet (1.6.2)
      blankslate (>= 2.0, <= 4.0)
    powerpack (0.1.0)
    pry (0.10.1)
      coderay (~> 1.1.0)
      method_source (~> 0.8.1)
      slop (~> 3.4)
    rack (1.6.0)
    rack-test (0.6.3)
      rack (>= 1.0)
    rainbow (2.0.0)
    rake (10.4.2)
    rspec (3.2.0)
      rspec-core (~> 3.2.0)
      rspec-expectations (~> 3.2.0)
      rspec-mocks (~> 3.2.0)
    rspec-core (3.2.0)
      rspec-support (~> 3.2.0)
    rspec-expectations (3.2.0)
      diff-lcs (>= 1.2.0, < 2.0)
      rspec-support (~> 3.2.0)
    rspec-its (1.1.0)
      rspec-core (>= 3.0.0)
      rspec-expectations (>= 3.0.0)
    rspec-mocks (3.2.0)
      diff-lcs (>= 1.2.0, < 2.0)
      rspec-support (~> 3.2.0)
    rspec-support (3.2.1)
    rubocop (0.29.0)
      astrolabe (~> 1.3)
      parser (>= 2.2.0.1, < 3.0)
      powerpack (~> 0.1)
      rainbow (>= 1.99.1, < 3.0)
      ruby-progressbar (~> 1.4)
    ruby-progressbar (1.7.1)
    sequel (4.19.0)
    shotgun (0.9)
      rack (>= 1.0)
    simplecov (0.9.1)
      docile (~> 1.1.0)
      multi_json (~> 1.0)
      simplecov-html (~> 0.8.0)
    simplecov-html (0.8.0)
    slop (3.6.0)
    thor (0.19.1)
    thread_safe (0.3.4)
    tilt (2.0.1)
    tzinfo (1.2.2)
      thread_safe (~> 0.1)
    url_mount (0.2.1)
      rack
    xpath (2.0.0)
      nokogiri (~> 1.3)

PLATFORMS
  ruby

DEPENDENCIES
  activesupport
  awesome_print
  bundler
  capybara
  codeclimate-test-reporter
  factory_girl
  lotus-model (~> 0.2.2)
  lotusrb (= 0.2.1)
  parslet
  pry
  rake
  rspec
  rspec-its
  rubocop
